GIT
  remote: git://github.com/rnhurt/google_anymote.git
  revision: 2992aee3590df9e2cf6d31cebfba2e14be926b8f
  specs:
    google_anymote (0.0.5)
      ruby_protobuf (~> 0.4.11)

GEM
  remote: https://rubygems.org/
  specs:
    activesupport (4.0.4)
      i18n (~> 0.6, >= 0.6.9)
      minitest (~> 4.2)
      multi_json (~> 1.3)
      thread_safe (~> 0.1)
      tzinfo (~> 0.3.37)
    atomic (1.1.16)
    colorize (0.7.0)
    highline (1.6.21)
    i18n (0.6.9)
    mini_portile (0.5.2)
    minitest (4.7.5)
    multi_json (1.9.2)
    mycroft (0.1.0)
      activesupport
      colorize
      highline
      i18n
      thor
    nokogiri (1.6.1)
      mini_portile (~> 0.5.0)
    ruby_protobuf (0.4.11)
    srgs (1.1.2)
      nokogiri
    thor (0.19.1)
    thread_safe (0.3.1)
      atomic (>= 1.1.7, < 2)
    tzinfo (0.3.39)

PLATFORMS
  ruby
  x86-mingw32

DEPENDENCIES
  google_anymote!
  mycroft
  srgs
